PATH
  remote: .
  specs:
    safariwatir (0.3.9u)
      rb-appscript

GEM
  remote: http://rubygems.org/
  specs:
    allison (2.0.3)
    echoe (4.6.1)
      allison (>= 2.0.3)
      gemcutter (>= 0.7.0)
      rake (>= 0.9.2)
      rdoc (>= 3.6.1)
      rubyforge (>= 2.0.4)
    gemcutter (0.7.0)
    json_pure (1.5.3)
    rake (0.9.2)
    rb-appscript (0.6.1)
    rdoc (3.7)
    rubyforge (2.0.4)
      json_pure (>= 1.1.7)

PLATFORMS
  ruby

DEPENDENCIES
  echoe
  rb-appscript
  safariwatir!
